GEM
  remote: https://rubygems.org/
  specs:
    awesome_print (1.7.0)
    aws-sdk (2.6.5)
      aws-sdk-resources (= 2.6.5)
    aws-sdk-core (2.6.5)
      jmespath (~> 1.0)
    aws-sdk-resources (2.6.5)
      aws-sdk-core (= 2.6.5)
    jmespath (1.3.1)

PLATFORMS
  ruby

DEPENDENCIES
  awesome_print
  aws-sdk (~> 2)

RUBY VERSION
   ruby 2.3.0p0

BUNDLED WITH
   1.13.1
